GIT
  remote: https://github.com/ndlib/rof
  revision: 530f1490474a2924ed06bb3407fc501c6639a59f
  specs:
    rof (1.2.8)
      activesupport (< 5.0)
      deprecation (~> 0.1)
      ebnf (< 1.0.2)
      json-ld (~> 2.0.0)
      mime-types (~> 2.4)
      noids_client
      nokogiri (~> 1.6.8.1)
      rdf (~> 2.0.1)
      rdf-isomorphic
      rdf-rdfxml
      rdf-turtle (~> 2.0.0)
      rdf-xsd (~> 2.0.0)
      rsolr (~> 1.1.2)
      rubydora (~> 1.8.1)

GEM
  remote: https://rubygems.org/
  specs:
    activemodel (4.2.8)
      activesupport (= 4.2.8)
      builder (~> 3.1)
    activesupport (4.2.8)
      i18n (~> 0.7)
      minitest (~> 5.1)
      thread_safe (~> 0.3, >= 0.3.4)
      tzinfo (~> 1.1)
    builder (3.2.3)
    capistrano (2.15.5)
      highline
      net-scp (>= 1.0.0)
      net-sftp (>= 2.0.0)
      net-ssh (>= 2.0.14)
      net-ssh-gateway (>= 1.1.0)
    concurrent-ruby (1.0.5)
    deprecation (0.2.2)
      activesupport
    domain_name (0.5.20170404)
      unf (>= 0.0.5, < 1.0.0)
    ebnf (1.0.1)
      rdf (~> 2.0)
      sxp (~> 1.0)
    equivalent-xml (0.6.0)
      nokogiri (>= 1.4.3)
    fastercsv (1.5.5)
    haml (4.0.7)
      tilt
    hamster (3.0.0)
      concurrent-ruby (~> 1.0)
    highline (1.7.2)
    hooks (0.3.6)
      uber (~> 0.0.4)
    htmlentities (4.3.4)
    http-cookie (1.0.3)
      domain_name (~> 0.5)
    i18n (0.8.1)
    json (1.8.6)
    json-ld (2.0.0.1)
      multi_json (~> 1.11)
      rdf (~> 2.0)
    link_header (0.0.8)
    mime-types (2.99.3)
    mini_portile2 (2.1.0)
    minitest (5.10.2)
    mono_logger (1.1.0)
    multi_json (1.12.1)
    net-scp (1.2.1)
      net-ssh (>= 2.6.5)
    net-sftp (2.1.2)
      net-ssh (>= 2.6.5)
    net-ssh (2.9.2)
    net-ssh-gateway (1.2.0)
      net-ssh (>= 2.6.5)
    netrc (0.11.0)
    noids_client (0.0.1)
      json (~> 1.8)
      rest-client (~> 1.6)
    nokogiri (1.6.8.1)
      mini_portile2 (~> 2.1.0)
    rack (1.6.4)
    rack-protection (1.5.3)
      rack
    rake (10.4.2)
    rdf (2.0.2)
      hamster (~> 3.0)
      link_header (~> 0.0, >= 0.0.8)
    rdf-aggregate-repo (2.0.0)
      rdf (~> 2.0)
    rdf-isomorphic (2.0.0)
      rdf (~> 2.0)
    rdf-rdfa (2.0.1)
      haml (~> 4.0)
      htmlentities (~> 4.3)
      rdf (~> 2.0)
      rdf-aggregate-repo (~> 2.0)
      rdf-xsd (~> 2.0)
    rdf-rdfxml (2.0.0)
      htmlentities (~> 4.3)
      rdf (~> 2.0)
      rdf-rdfa (~> 2.0)
      rdf-xsd (~> 2.0)
    rdf-turtle (2.0.0)
      ebnf (~> 1.0, >= 1.0.1)
      rdf (~> 2.0)
    rdf-xsd (2.0.0)
      rdf (~> 2.0)
    redis (3.2.1)
    redis-namespace (1.5.2)
      redis (~> 3.0, >= 3.0.4)
    resque (1.25.2)
      mono_logger (~> 1.0)
      multi_json (~> 1.0)
      redis-namespace (~> 1.3)
      sinatra (>= 0.9.2)
      vegas (~> 0.1.2)
    rest-client (1.8.0)
      http-cookie (>= 1.0.2, < 2.0)
      mime-types (>= 1.16, < 3.0)
      netrc (~> 0.7)
    rsolr (1.1.2)
      builder (>= 2.1.2)
    rubydora (1.8.1)
      activemodel
      activesupport
      deprecation
      equivalent-xml
      fastercsv
      hooks (~> 0.3.0)
      mime-types
      nokogiri
      rest-client
    sinatra (1.4.6)
      rack (~> 1.4)
      rack-protection (~> 1.4)
      tilt (>= 1.3, < 3)
    sxp (1.0.0)
      rdf (~> 2.0)
    thread_safe (0.3.6)
    tilt (2.0.7)
    tzinfo (1.2.3)
      thread_safe (~> 0.1)
    uber (0.0.15)
    unf (0.1.4)
      unf_ext
    unf_ext (0.0.7.4)
    vegas (0.1.11)
      rack (>= 1.0.0)

PLATFORMS
  ruby

DEPENDENCIES
  capistrano (~> 2)
  rake
  rdf-aggregate-repo (~> 2.0.0)
  rdf-rdfa (~> 2.0.1)
  resque (~> 1.23)
  rof!

BUNDLED WITH
   1.14.6
