GIT
  remote: https://github.com/ndlib/rof
  revision: 9cd19b39efcea0614efc4dd97eb2679822e9e70c
  specs:
    rof (0.0.1.pre)
      json-ld (~> 1.1.1)
      noids_client
      rdf (~> 1.1.2)
      rubydora (~> 1.7.4)

GEM
  remote: https://rubygems.org/
  specs:
    activemodel (4.1.6)
      activesupport (= 4.1.6)
      builder (~> 3.1)
    activesupport (4.1.6)
      i18n (~> 0.6, >= 0.6.9)
      json (~> 1.7, >= 1.7.7)
      minitest (~> 5.1)
      thread_safe (~> 0.1)
      tzinfo (~> 1.1)
    builder (3.2.2)
    capistrano (2.15.4)
      highline
      net-scp (>= 1.0.0)
      net-sftp (>= 2.0.0)
      net-ssh (>= 2.0.14)
      net-ssh-gateway (>= 1.1.0)
    deprecation (0.1.0)
      activesupport
    equivalent-xml (0.5.1)
      nokogiri (>= 1.4.3)
    fastercsv (1.5.5)
    highline (1.6.19)
    hooks (0.3.6)
      uber (~> 0.0.4)
    i18n (0.6.11)
    json (1.8.1)
    json-ld (1.1.6)
      rdf (~> 1.1, >= 1.1.4)
    mime-types (2.3)
    mini_portile (0.6.0)
    minitest (5.4.1)
    net-scp (1.2.1)
      net-ssh (>= 2.6.5)
    net-sftp (2.1.2)
      net-ssh (>= 2.6.5)
    net-ssh (2.9.1)
    net-ssh-gateway (1.2.0)
      net-ssh (>= 2.6.5)
    netrc (0.7.7)
    noids_client (0.0.1)
      json (~> 1.8)
      rest-client (~> 1.6)
    nokogiri (1.6.3.1)
      mini_portile (= 0.6.0)
    rake (10.3.2)
    rdf (1.1.6)
    rest-client (1.7.2)
      mime-types (>= 1.16, < 3.0)
      netrc (~> 0.7)
    rubydora (1.7.5)
      activemodel
      activesupport
      deprecation
      equivalent-xml
      fastercsv
      hooks (~> 0.3.0)
      mime-types
      nokogiri
      rest-client
    thread_safe (0.3.4)
    tzinfo (1.2.2)
      thread_safe (~> 0.1)
    uber (0.0.8)

PLATFORMS
  ruby

DEPENDENCIES
  capistrano (~> 2)
  rake
  rof!
